NUGET
  remote: https://www.nuget.org/api/v2
  specs:
    FAKE (4.21.4)
    NUnit (3.2.0)
